RESTRICTION: || (== net472) (== netstandard2.0)
NUGET
  remote: https://www.nuget.org/api/v2
    DotNetZip (1.13)
      System.Security.Permissions (>= 4.5 < 5.0) - restriction: || (&& (== net472) (< net40)) (== netstandard2.0)
      System.Text.Encoding.CodePages (>= 4.5 < 5.0) - restriction: || (&& (== net472) (< net40)) (== netstandard2.0)
      System.Text.Encoding.Extensions (>= 4.3 < 5.0) - restriction: || (&& (== net472) (< net40)) (== netstandard2.0)
    Microsoft.NETCore.Platforms (2.2) - restriction: || (&& (== net472) (< net40)) (== netstandard2.0)
    Microsoft.NETCore.Targets (2.1) - restriction: || (&& (== net472) (< net40)) (== netstandard2.0)
    System.Runtime (4.3) - restriction: || (&& (== net472) (< net40)) (== netstandard2.0)
      Microsoft.NETCore.Platforms (>= 1.1) - restriction: || (&& (== net472) (< net45)) (&& (== net472) (< portable-net45+win8+wp8+wpa81)) (== netstandard2.0)
      Microsoft.NETCore.Targets (>= 1.1) - restriction: || (&& (== net472) (< net45)) (&& (== net472) (< portable-net45+win8+wp8+wpa81)) (== netstandard2.0)
    System.Runtime.CompilerServices.Unsafe (4.5.2) - restriction: || (&& (== net472) (< net40)) (&& (== net472) (>= netcoreapp2.0)) (== netstandard2.0)
    System.Security.AccessControl (4.5) - restriction: || (&& (== net472) (< net40)) (== netstandard2.0)
      System.Security.Principal.Windows (>= 4.5)
    System.Security.Permissions (4.5) - restriction: || (&& (== net472) (< net40)) (== netstandard2.0)
      System.Security.AccessControl (>= 4.5)
    System.Security.Principal.Windows (4.5.1) - restriction: || (&& (== net472) (< net40)) (&& (== net472) (>= netcoreapp2.0)) (== netstandard2.0)
    System.Text.Encoding (4.3) - restriction: || (&& (== net472) (< net40)) (== netstandard2.0)
      Microsoft.NETCore.Platforms (>= 1.1) - restriction: || (&& (== net472) (< net45)) (&& (== net472) (< portable-net45+win8+wp8+wpa81)) (== netstandard2.0)
      Microsoft.NETCore.Targets (>= 1.1) - restriction: || (&& (== net472) (< net45)) (&& (== net472) (< portable-net45+win8+wp8+wpa81)) (== netstandard2.0)
      System.Runtime (>= 4.3) - restriction: || (&& (== net472) (< net45)) (&& (== net472) (< portable-net45+win8+wp8+wpa81)) (== netstandard2.0)
    System.Text.Encoding.CodePages (4.5.1) - restriction: || (&& (== net472) (< net40)) (== netstandard2.0)
      System.Runtime.CompilerServices.Unsafe (>= 4.5.2)
    System.Text.Encoding.Extensions (4.3) - restriction: || (&& (== net472) (< net40)) (== netstandard2.0)
      Microsoft.NETCore.Platforms (>= 1.1) - restriction: || (&& (== net472) (< net45)) (&& (== net472) (< portable-net45+win8+wp8+wpa81)) (== netstandard2.0)
      Microsoft.NETCore.Targets (>= 1.1) - restriction: || (&& (== net472) (< net45)) (&& (== net472) (< portable-net45+win8+wp8+wpa81)) (== netstandard2.0)
      System.Runtime (>= 4.3) - restriction: || (&& (== net472) (< net45)) (&& (== net472) (< portable-net45+win8+wp8+wpa81)) (== netstandard2.0)
      System.Text.Encoding (>= 4.3) - restriction: || (&& (== net472) (< net45)) (&& (== net472) (< portable-net45+win8+wp8+wpa81)) (== netstandard2.0)
